PATH
  remote: .
  specs:
    ruby-ioc (0.0.2)

GEM
  remote: https://rubygems.org/
  specs:
    minitest (5.11.3)
    rake (13.0.1)

PLATFORMS
  ruby

DEPENDENCIES
  bundler (~> 1.17)
  minitest (~> 5.0)
  rake (~> 13.0)
  ruby-ioc!

BUNDLED WITH
   1.17.3
